GIT
  remote: https://github.com/sferik/rails_admin.git
  revision: 77784c80bc900cf9041a0bd608a17bc87ac5bffe
  specs:
    rails_admin (0.0.1)
      bbenezech-nested_form (~> 0.0)
      bootstrap-sass (~> 1.4, >= 1.4.1)
      builder (~> 3.0)
      coffee-rails (~> 3.1)
      haml (~> 3.1)
      jquery-rails (>= 1.0)
      kaminari (~> 0.12)
      rack-pjax (~> 0.5)
      rails (~> 3.1)
      remotipart (~> 1.0)

GEM
  remote: http://rubygems.org/
  specs:
    RedCloth (4.2.9)
    aasm (3.0.1)
      activerecord
    actionmailer (3.1.3)
      actionpack (= 3.1.3)
      mail (~> 2.3.0)
    actionpack (3.1.3)
      activemodel (= 3.1.3)
      activesupport (= 3.1.3)
      builder (~> 3.0.0)
      erubis (~> 2.7.0)
      i18n (~> 0.6)
      rack (~> 1.3.5)
      rack-cache (~> 1.1)
      rack-mount (~> 0.8.2)
      rack-test (~> 0.6.1)
      sprockets (~> 2.0.3)
    active_reload (0.6.1)
    activemodel (3.1.3)
      activesupport (= 3.1.3)
      builder (~> 3.0.0)
      i18n (~> 0.6)
    activerecord (3.1.3)
      activemodel (= 3.1.3)
      activesupport (= 3.1.3)
      arel (~> 2.2.1)
      tzinfo (~> 0.3.29)
    activeresource (3.1.3)
      activemodel (= 3.1.3)
      activesupport (= 3.1.3)
    activesupport (3.1.3)
      multi_json (~> 1.0)
    app_config (0.7.1)
    archive-tar-minitar (0.5.2)
    arel (2.2.1)
    attr_required (0.0.3)
    bbenezech-nested_form (0.0.2)
    bcrypt-ruby (3.0.1)
    be_valid_asset (1.1.2)
      rspec
    bootstrap-sass (1.4.3)
      sass-rails (~> 3.1)
    builder (3.0.0)
    capistrano (2.9.0)
      highline
      net-scp (>= 1.0.0)
      net-sftp (>= 2.0.0)
      net-ssh (>= 2.0.14)
      net-ssh-gateway (>= 1.1.0)
    capybara (1.1.2)
      mime-types (>= 1.16)
      nokogiri (>= 1.3.3)
      rack (>= 1.0.0)
      rack-test (>= 0.5.4)
      selenium-webdriver (~> 2.0)
      xpath (~> 0.1.4)
    cells (3.8.0)
      actionpack (~> 3.0)
      railties (~> 3.0)
    childprocess (0.2.4)
      ffi (~> 1.0.6)
    chunky_png (1.2.5)
    coffee-rails (3.1.1)
      coffee-script (>= 2.2.0)
      railties (~> 3.1.0)
    coffee-script (2.2.0)
      coffee-script-source
      execjs
    coffee-script-source (1.2.0)
    columnize (0.3.6)
    compass (0.12.alpha.4)
      chunky_png (~> 1.2)
      fssm (>= 0.2.7)
      sass (~> 3.1)
    daemons (1.1.5)
    database_cleaner (0.7.0)
    devise (1.5.3)
      bcrypt-ruby (~> 3.0)
      orm_adapter (~> 0.0.3)
      warden (~> 1.1)
    diff-lcs (1.1.3)
    email_spec (1.2.1)
      mail (~> 2.2)
      rspec (~> 2.0)
    erubis (2.7.0)
    eventmachine (0.12.10)
    exceptioner (0.0.5)
      mail (~> 2.2)
      xmpp4r (~> 0.5)
    execjs (1.2.13)
      multi_json (~> 1.0)
    factory_girl (1.3.3)
    fb_graph (1.8.0)
      httpclient (>= 2.2.0.2)
      rack-oauth2 (>= 0.6.9)
    ffi (1.0.11)
    friendly_id (4.0.0)
    fssm (0.2.8.1)
    geokit (1.6.0)
    haml (3.1.4)
    haml-rails (0.3.4)
      actionpack (~> 3.0)
      activesupport (~> 3.0)
      haml (~> 3.0)
      railties (~> 3.0)
    highline (1.6.9)
    hike (1.2.1)
    hpricot (0.8.5)
    httpclient (2.2.4)
    i18n (0.6.0)
    i18n_routing (0.5.0)
      i18n (> 0.3.5)
    jquery-rails (1.0.19)
      railties (~> 3.0)
      thor (~> 0.14)
    json (1.6.4)
    kaminari (0.13.0)
      actionpack (>= 3.0.0)
      activesupport (>= 3.0.0)
      railties (>= 3.0.0)
    kgio (2.7.0)
    libv8 (3.3.10.4)
    linecache19 (0.5.12)
      ruby_core_source (>= 0.1.4)
    mail (2.3.0)
      i18n (>= 0.4.0)
      mime-types (~> 1.16)
      treetop (~> 1.4.8)
    metaclass (0.0.1)
    mime-types (1.17.2)
    mocha (0.10.0)
      metaclass (~> 0.0.1)
    multi_json (1.0.4)
    net-scp (1.0.4)
      net-ssh (>= 1.99.1)
    net-sftp (2.0.5)
      net-ssh (>= 2.0.9)
    net-ssh (2.2.1)
    net-ssh-gateway (1.1.0)
      net-ssh (>= 1.99.1)
    nokogiri (1.5.0)
    orm_adapter (0.0.5)
    pg (0.12.0)
      rake-compiler (~> 0.7)
    polish (0.1.1)
      i18n (>= 0.3.3)
    polyglot (0.3.3)
    rack (1.3.6)
    rack-cache (1.1)
      rack (>= 0.4)
    rack-mount (0.8.3)
      rack (>= 1.0.0)
    rack-oauth2 (0.11.0)
      activesupport (>= 2.3)
      attr_required (>= 0.0.3)
      httpclient (>= 2.2.0.2)
      i18n
      json (>= 1.4.3)
      rack (>= 1.1)
    rack-pjax (0.5.5)
      hpricot (~> 0.8.4)
      rack (~> 1.3)
    rack-ssl (1.3.2)
      rack
    rack-test (0.6.1)
      rack (>= 1.0)
    rails (3.1.3)
      actionmailer (= 3.1.3)
      actionpack (= 3.1.3)
      activerecord (= 3.1.3)
      activeresource (= 3.1.3)
      activesupport (= 3.1.3)
      bundler (~> 1.0)
      railties (= 3.1.3)
    railties (3.1.3)
      actionpack (= 3.1.3)
      activesupport (= 3.1.3)
      rack-ssl (~> 1.3.2)
      rake (>= 0.8.7)
      rdoc (~> 3.4)
      thor (~> 0.14.6)
    raindrops (0.8.0)
    rake (0.9.2.2)
    rake-compiler (0.7.9)
      rake
    rdoc (3.12)
      json (~> 1.4)
    remotipart (1.0.1)
    ri_cal (0.8.8)
    rspec (2.7.0)
      rspec-core (~> 2.7.0)
      rspec-expectations (~> 2.7.0)
      rspec-mocks (~> 2.7.0)
    rspec-core (2.7.1)
    rspec-expectations (2.7.0)
      diff-lcs (~> 1.1.2)
    rspec-mocks (2.7.0)
    rspec-rails (2.7.0)
      actionpack (~> 3.0)
      activesupport (~> 3.0)
      railties (~> 3.0)
      rspec (~> 2.7.0)
    ruby-debug-base19 (0.11.25)
      columnize (>= 0.3.1)
      linecache19 (>= 0.5.11)
      ruby_core_source (>= 0.1.4)
    ruby-debug19 (0.11.6)
      columnize (>= 0.3.1)
      linecache19 (>= 0.5.11)
      ruby-debug-base19 (>= 0.11.19)
    ruby_core_source (0.1.5)
      archive-tar-minitar (>= 0.5.2)
    rubyzip (0.9.5)
    rvm (1.9.2)
    sass (3.1.12)
    sass-rails (3.1.5)
      actionpack (~> 3.1.0)
      railties (~> 3.1.0)
      sass (~> 3.1.10)
      tilt (~> 1.3.2)
    selenium-webdriver (2.15.0)
      childprocess (>= 0.2.1)
      ffi (~> 1.0.9)
      multi_json (~> 1.0.4)
      rubyzip
    simple_form (1.5.2)
      actionpack (~> 3.0)
      activemodel (~> 3.0)
    sprockets (2.0.3)
      hike (~> 1.2)
      rack (~> 1.0)
      tilt (~> 1.1, != 1.3.0)
    steak (2.0.0)
      capybara (>= 1.0.0)
      rspec-rails (>= 2.5.0)
    therubyracer (0.9.9)
      libv8 (~> 3.3.10)
    thin (1.3.1)
      daemons (>= 1.0.9)
      eventmachine (>= 0.12.6)
      rack (>= 1.0.0)
    thor (0.14.6)
    tilt (1.3.3)
    time_travel (0.1.0)
    timeliness (0.3.4)
    treetop (1.4.10)
      polyglot
      polyglot (>= 0.3.1)
    tzinfo (0.3.31)
    uglifier (1.2.1)
      execjs (>= 0.3.0)
      multi_json (>= 1.0.2)
    unicorn (4.1.1)
      kgio (~> 2.4)
      rack
      raindrops (~> 0.6)
    validates_timeliness (3.0.8)
      timeliness (~> 0.3.4)
    warden (1.1.0)
      rack (>= 1.0)
    xmpp4r (0.5)
    xpath (0.1.4)
      nokogiri (~> 1.3)

PLATFORMS
  ruby

DEPENDENCIES
  RedCloth
  aasm
  active_reload
  app_config
  be_valid_asset
  capistrano
  capybara
  cells
  coffee-rails
  compass (~> 0.12.alpha.4)
  database_cleaner
  devise
  email_spec
  exceptioner
  factory_girl (= 1.3.3)
  fb_graph (= 1.8)
  friendly_id
  geokit
  haml
  haml-rails
  i18n_routing
  jquery-rails
  kaminari
  mocha
  pg
  polish (= 0.1.1)
  rails (~> 3.1.0)
  rails_admin!
  ri_cal
  rspec
  rspec-rails (>= 2.3.0)
  ruby-debug19
  rvm
  sass-rails
  simple_form
  steak
  therubyracer
  thin
  time_travel
  uglifier
  unicorn
  validates_timeliness (~> 3.0.2)
