GIT
  remote: git://github.com/sferik/rails_admin.git
  revision: 229873971e75dcc4856c4269a13ccd290c80e4e2
  specs:
    rails_admin (0.0.1)
      builder (~> 2.1.0)
      rails (~> 3.0.3)

GEM
  remote: http://rubygems.org/
  specs:
    RedCloth (4.2.3)
    ZenTest (4.4.2)
    aasm (2.2.0)
    abstract (1.0.0)
    actionmailer (3.0.3)
      actionpack (= 3.0.3)
      mail (~> 2.2.9)
    actionpack (3.0.3)
      activemodel (= 3.0.3)
      activesupport (= 3.0.3)
      builder (~> 2.1.2)
      erubis (~> 2.6.6)
      i18n (~> 0.4)
      rack (~> 1.2.1)
      rack-mount (~> 0.6.13)
      rack-test (~> 0.5.6)
      tzinfo (~> 0.3.23)
    activemodel (3.0.3)
      activesupport (= 3.0.3)
      builder (~> 2.1.2)
      i18n (~> 0.4)
    activerecord (3.0.3)
      activemodel (= 3.0.3)
      activesupport (= 3.0.3)
      arel (~> 2.0.2)
      tzinfo (~> 0.3.23)
    activeresource (3.0.3)
      activemodel (= 3.0.3)
      activesupport (= 3.0.3)
    activesupport (3.0.3)
    arel (2.0.6)
    automatic_foreign_key (1.1.6)
      activerecord (>= 2.2)
      redhillonrails_core (>= 1.0.4.1)
    autotest-rails (4.1.0)
      ZenTest
    awesome_print (0.3.1)
    babosa (0.2.0)
    bcrypt-ruby (2.1.2)
    bond (0.3.3)
    builder (2.1.2)
    capybara (0.4.0)
      celerity (>= 0.7.9)
      culerity (>= 0.2.4)
      mime-types (>= 1.16)
      nokogiri (>= 1.3.3)
      rack (>= 1.0.0)
      rack-test (>= 0.5.4)
      selenium-webdriver (>= 0.0.27)
      xpath (~> 0.1.2)
    celerity (0.8.5)
    cells (3.4.3)
    childprocess (0.1.4)
      ffi (~> 0.6.3)
    columnize (0.3.2)
    compass (0.10.6)
      haml (>= 3.0.4)
    content_blocks (0.2.1)
      RedCloth (~> 4.2.3)
      RedCloth
      aasm
      aasm (~> 2.2.0)
      activerecord (>= 3.0)
      activerecord (~> 3.0.3)
    culerity (0.2.12)
    database_cleaner (0.6.0)
    devise (1.1.5)
      bcrypt-ruby (~> 2.1.2)
      warden (~> 1.0.2)
    diff-lcs (1.1.2)
    erubis (2.6.6)
      abstract (>= 1.0.0)
    factory_girl (1.3.2)
    factory_girl_rails (1.0)
      factory_girl (~> 1.3)
      rails (>= 3.0.0.beta4)
    ffi (0.6.3)
      rake (>= 0.8.7)
    friendly_id (3.1.8)
      babosa (~> 0.2.0)
    geokit (1.5.0)
    haml (3.0.24)
    haml-rails (0.3.4)
      actionpack (~> 3.0)
      activesupport (~> 3.0)
      haml (~> 3.0)
      railties (~> 3.0)
    hirb (0.3.5)
    hoe (2.8.0)
      rake (>= 0.8.7)
    i18n (0.5.0)
    interactive_editor (0.0.6)
      spoon (>= 0.0.1)
    irb_callbacks (0.1.0)
      hoe (>= 1.5.1)
    jquery-rails (0.2.6)
      rails (~> 3.0)
      thor (~> 0.14.4)
    json_pure (1.4.6)
    linecache (0.43)
    mail (2.2.12)
      activesupport (>= 2.3.6)
      i18n (>= 0.4.0)
      mime-types (~> 1.16)
      treetop (~> 1.4.8)
    mime-types (1.16)
    nokogiri (1.4.4)
    notifier (0.1.1)
    pg (0.10.0)
    polyglot (0.3.1)
    rack (1.2.1)
    rack-mount (0.6.13)
      rack (>= 1.0.0)
    rack-test (0.5.6)
      rack (>= 1.0)
    rails (3.0.3)
      actionmailer (= 3.0.3)
      actionpack (= 3.0.3)
      activerecord (= 3.0.3)
      activeresource (= 3.0.3)
      activesupport (= 3.0.3)
      bundler (~> 1.0)
      railties (= 3.0.3)
    railties (3.0.3)
      actionpack (= 3.0.3)
      activesupport (= 3.0.3)
      rake (>= 0.8.7)
      thor (~> 0.14.4)
    rake (0.8.7)
    redhillonrails_core (1.0.8)
    rspec (2.2.0)
      rspec-core (~> 2.2)
      rspec-expectations (~> 2.2)
      rspec-mocks (~> 2.2)
    rspec-core (2.2.1)
    rspec-expectations (2.2.0)
      diff-lcs (~> 1.1.2)
    rspec-mocks (2.2.0)
    rspec-rails (2.2.1)
      actionpack (~> 3.0)
      activesupport (~> 3.0)
      railties (~> 3.0)
      rspec (~> 2.2.0)
    ruby-debug (0.10.4)
      columnize (>= 0.1)
      ruby-debug-base (~> 0.10.4.0)
    ruby-debug-base (0.10.4)
      linecache (>= 0.3)
    rubyzip (0.9.4)
    rvm (1.1.4)
    selenium-webdriver (0.1.1)
      childprocess (= 0.1.4)
      ffi (~> 0.6.3)
      json_pure
      rubyzip
    spoon (0.0.1)
    steak (1.0.0)
      rspec
    test_notifier (0.3.6)
      notifier
    thor (0.14.6)
    time_travel (0.1.0)
    timeliness (0.3.2)
    treetop (1.4.9)
      polyglot (>= 0.3.1)
    tzinfo (0.3.23)
    validates_timeliness (3.0.3)
      timeliness (~> 0.3.2)
    warden (1.0.3)
      rack (>= 1.0.0)
    what_methods (1.0.1)
    will_paginate (3.0.pre2)
    wirble (0.1.3)
    xpath (0.1.2)
      nokogiri (~> 1.3)

PLATFORMS
  ruby

DEPENDENCIES
  automatic_foreign_key
  autotest-rails
  awesome_print
  bond
  capybara
  cells
  compass
  content_blocks (>= 0.2.1)
  database_cleaner
  devise
  factory_girl_rails
  friendly_id
  geokit
  haml
  haml-rails
  hirb
  interactive_editor
  irb_callbacks
  jquery-rails
  pg
  rails (= 3.0.3)
  rails_admin!
  rspec
  rspec-rails (>= 2.1.0)
  ruby-debug
  rvm
  steak
  test_notifier
  time_travel
  validates_timeliness (~> 3.0.2)
  what_methods
  will_paginate (>= 3.0.pre2)
  wirble
