GEM
  remote: http://rubygems.org/
  specs:
    RedCloth (4.2.9)
    ZenTest (4.4.2)
    aasm (2.2.0)
    abstract (1.0.0)
    actionmailer (3.0.11)
      actionpack (= 3.0.11)
      mail (~> 2.2.19)
    actionpack (3.0.11)
      activemodel (= 3.0.11)
      activesupport (= 3.0.11)
      builder (~> 2.1.2)
      erubis (~> 2.6.6)
      i18n (~> 0.5.0)
      rack (~> 1.2.1)
      rack-mount (~> 0.6.14)
      rack-test (~> 0.5.7)
      tzinfo (~> 0.3.23)
    activemodel (3.0.11)
      activesupport (= 3.0.11)
      builder (~> 2.1.2)
      i18n (~> 0.5.0)
    activerecord (3.0.11)
      activemodel (= 3.0.11)
      activesupport (= 3.0.11)
      arel (~> 2.0.10)
      tzinfo (~> 0.3.23)
    activeresource (3.0.11)
      activemodel (= 3.0.11)
      activesupport (= 3.0.11)
    activesupport (3.0.11)
    app_config (0.6.0)
      sqlite3-ruby (>= 1.3.1)
    archive-tar-minitar (0.5.2)
    arel (2.0.10)
    attr_required (0.0.3)
    automatic_foreign_key (1.1.6)
      activerecord (>= 2.2)
      redhillonrails_core (>= 1.0.4.1)
    autotest-rails (4.1.0)
      ZenTest
    awesome_print (0.3.1)
    babosa (0.3.4)
    bcrypt-ruby (2.1.3)
    be_valid_asset (1.1.1)
      rspec
    bond (0.3.4)
    builder (2.1.2)
    capistrano (2.5.19)
      highline
      net-scp (>= 1.0.0)
      net-sftp (>= 2.0.0)
      net-ssh (>= 2.0.14)
      net-ssh-gateway (>= 1.0.0)
    capybara (1.1.2)
      mime-types (>= 1.16)
      nokogiri (>= 1.3.3)
      rack (>= 1.0.0)
      rack-test (>= 0.5.4)
      selenium-webdriver (~> 2.0)
      xpath (~> 0.1.4)
    cells (3.4.3)
    childprocess (0.2.4)
      ffi (~> 1.0.6)
    columnize (0.3.6)
    compass (0.10.6)
      haml (>= 3.0.4)
    daemons (1.1.5)
    database_cleaner (0.6.0)
    devise (1.1.5)
      bcrypt-ruby (~> 2.1.2)
      warden (~> 1.0.2)
    diff-lcs (1.1.3)
    email_spec (1.0.0)
    erubis (2.6.6)
      abstract (>= 1.0.0)
    eventmachine (0.12.10)
    exceptioner (0.0.4)
      mail (~> 2.2)
      xmpp4r (~> 0.5)
    factory_girl (1.3.3)
    fb_graph (1.8.0)
      httpclient (>= 2.2.0.2)
      rack-oauth2 (>= 0.6.9)
    ffi (1.0.11)
    friendly_id (3.2.1.1)
      babosa (~> 0.3.0)
    geokit (1.5.0)
    haml (3.0.25)
    haml-rails (0.3.4)
      actionpack (~> 3.0)
      activesupport (~> 3.0)
      haml (~> 3.0)
      railties (~> 3.0)
    highline (1.6.1)
    hirb (0.3.5)
    hoe (2.8.0)
      rake (>= 0.8.7)
    httpclient (2.2.0.2)
    i18n (0.5.0)
    i18n_routing (0.5.0)
      i18n (> 0.3.5)
    interactive_editor (0.0.6)
      spoon (>= 0.0.1)
    irb_callbacks (0.1.0)
      hoe (>= 1.5.1)
    jquery-rails (0.2.6)
      rails (~> 3.0)
      thor (~> 0.14.4)
    json (1.5.1)
    linecache19 (0.5.12)
      ruby_core_source (>= 0.1.4)
    mail (2.2.19)
      activesupport (>= 2.3.6)
      i18n (>= 0.4.0)
      mime-types (~> 1.16)
      treetop (~> 1.4.8)
    mime-types (1.17.2)
    mocha (0.9.9)
      rake
    multi_json (1.0.4)
    net-scp (1.0.4)
      net-ssh (>= 1.99.1)
    net-sftp (2.0.5)
      net-ssh (>= 2.0.9)
    net-ssh (2.0.23)
    net-ssh-gateway (1.0.1)
      net-ssh (>= 1.99.1)
    nokogiri (1.5.0)
    notifier (0.1.2)
    pg (0.10.0)
    polish (0.1.1)
      i18n (>= 0.3.3)
    polyglot (0.3.3)
    rack (1.2.5)
    rack-mount (0.6.14)
      rack (>= 1.0.0)
    rack-oauth2 (0.6.9)
      activesupport (>= 2.3)
      attr_required (>= 0.0.3)
      i18n
      json (>= 1.4.3)
      rack (>= 1.1)
      restclient_with_cert
    rack-test (0.5.7)
      rack (>= 1.0)
    rails (3.0.11)
      actionmailer (= 3.0.11)
      actionpack (= 3.0.11)
      activerecord (= 3.0.11)
      activeresource (= 3.0.11)
      activesupport (= 3.0.11)
      bundler (~> 1.0)
      railties (= 3.0.11)
    rails_admin (0.0.0)
    railties (3.0.11)
      actionpack (= 3.0.11)
      activesupport (= 3.0.11)
      rake (>= 0.8.7)
      rdoc (~> 3.4)
      thor (~> 0.14.4)
    rake (0.9.2.2)
    rdoc (3.12)
      json (~> 1.4)
    redhillonrails_core (1.0.9.1)
      activerecord
    rest-client (1.6.1)
      mime-types (>= 1.16)
    restclient_with_cert (0.0.7)
      rest-client (>= 1.6)
    ri_cal (0.8.7)
    rspec (2.3.0)
      rspec-core (~> 2.3.0)
      rspec-expectations (~> 2.3.0)
      rspec-mocks (~> 2.3.0)
    rspec-core (2.3.1)
    rspec-expectations (2.3.0)
      diff-lcs (~> 1.1.2)
    rspec-mocks (2.3.0)
    rspec-rails (2.3.1)
      actionpack (~> 3.0)
      activesupport (~> 3.0)
      railties (~> 3.0)
      rspec (~> 2.3.0)
    ruby-debug-base19 (0.11.25)
      columnize (>= 0.3.1)
      linecache19 (>= 0.5.11)
      ruby_core_source (>= 0.1.4)
    ruby-debug19 (0.11.6)
      columnize (>= 0.3.1)
      linecache19 (>= 0.5.11)
      ruby-debug-base19 (>= 0.11.19)
    ruby_core_source (0.1.5)
      archive-tar-minitar (>= 0.5.2)
    rubyzip (0.9.5)
    rvm (1.6.9)
    selenium-webdriver (2.15.0)
      childprocess (>= 0.2.1)
      ffi (~> 1.0.9)
      multi_json (~> 1.0.4)
      rubyzip
    simple_form (1.3.0)
      rails (~> 3.0.0)
    spoon (0.0.1)
    sqlite3-ruby (1.3.2)
    steak (1.1.0)
      rspec (>= 1.3)
    test_notifier (0.3.6)
      notifier
    thin (1.3.1)
      daemons (>= 1.0.9)
      eventmachine (>= 0.12.6)
      rack (>= 1.0.0)
    thor (0.14.6)
    time_travel (0.1.0)
    timeliness (0.3.2)
    treetop (1.4.10)
      polyglot
      polyglot (>= 0.3.1)
    tzinfo (0.3.31)
    validates_timeliness (3.0.3)
      timeliness (~> 0.3.2)
    warden (1.0.3)
      rack (>= 1.0.0)
    what_methods (1.0.1)
    will_paginate (3.0.pre2)
    wirble (0.1.3)
    xmpp4r (0.5)
    xpath (0.1.4)
      nokogiri (~> 1.3)

PLATFORMS
  ruby

DEPENDENCIES
  RedCloth
  aasm
  app_config
  automatic_foreign_key
  autotest-rails
  awesome_print
  be_valid_asset
  bond
  capistrano
  capybara
  cells
  compass
  database_cleaner
  devise
  email_spec
  exceptioner
  factory_girl (= 1.3.3)
  fb_graph (= 1.8)
  friendly_id
  geokit
  haml
  haml-rails
  hirb
  i18n_routing
  interactive_editor
  irb_callbacks
  jquery-rails
  mocha
  pg
  polish (= 0.1.1)
  rails (~> 3.0.7)
  rails_admin
  ri_cal
  rspec
  rspec-rails (>= 2.3.0)
  ruby-debug19
  rvm (= 1.6.9)
  simple_form
  steak
  test_notifier
  thin
  time_travel
  validates_timeliness (~> 3.0.2)
  what_methods
  will_paginate (>= 3.0.pre2)
  wirble
